GEM
  remote: https://rubygems.org/
  specs:
    addressable (2.3.8)
    benchmark-ips (2.2.0)
    json-schema (2.5.1)
      addressable (~> 2.3.7)

PLATFORMS
  java
  ruby

DEPENDENCIES
  benchmark-ips
  json-schema
